GEM
  remote: https://rubygems.org/
  specs:
    cantor (1.2.1)

PLATFORMS
  ruby

DEPENDENCIES
  cantor

BUNDLED WITH
   2.0.1
